GEM
  remote: https://rubygems.org/
  specs:
    RedCloth (4.2.3)
    activesupport (3.2.3)
      i18n (~> 0.6)
      multi_json (~> 1.0)
    authlogic (2.1.6)
      activesupport
    builder (3.0.0)
    capybara (1.1.2)
      mime-types (>= 1.16)
      nokogiri (>= 1.3.3)
      rack (>= 1.0.0)
      rack-test (>= 0.5.4)
      selenium-webdriver (~> 2.0)
      xpath (~> 0.1.4)
    childprocess (0.3.1)
      ffi (~> 1.0.6)
    color (1.4.1)
    cucumber (1.0.6)
      builder (>= 2.1.2)
      diff-lcs (>= 1.1.2)
      gherkin (~> 2.4.18)
      json (>= 1.4.6)
      term-ansicolor (>= 1.0.6)
    cucumber-rails (1.0.2)
      capybara (>= 1.0.0)
      cucumber (~> 1.0.0)
      nokogiri (>= 1.4.6)
    database_cleaner (0.4.3)
    diff-lcs (1.1.3)
    ffi (1.0.11)
    gherkin (2.4.21)
      json (>= 1.4.6)
    gravtastic (2.2.0)
    has_scope (0.5.1)
    hpricot (0.8.2)
    i18n (0.6.0)
    inherited_resources (1.0.6)
      has_scope (~> 0.5.0)
      responders (~> 0.4.6)
    json (1.6.6)
    mime-types (1.18)
    multi_json (1.2.0)
    mysql (2.8.1)
    nokogiri (1.4.7)
    rack (1.1.3)
    rack-test (0.6.1)
      rack (>= 1.0)
    radiant (0.9.1)
      RedCloth (>= 4.0.0)
      rack (~> 1.1.0)
      rake (>= 0.8.3)
      will_paginate (~> 2.3.11)
    rake (0.9.2.2)
    responders (0.4.8)
    rspec (1.3.0)
    rspec-rails (1.3.2)
      rack (>= 1.0.0)
      rspec (>= 1.3.0)
    rubyzip (0.9.7)
    sanitize (1.2.0)
      nokogiri (~> 1.4.1)
    selenium-webdriver (2.20.0)
      childprocess (>= 0.2.5)
      ffi (~> 1.0)
      multi_json (~> 1.0)
      rubyzip
    term-ansicolor (1.0.7)
    webrat (0.6.0)
      nokogiri (>= 1.2.0)
      rack (>= 1.0)
    will_paginate (2.3.11)
    xpath (0.1.4)
      nokogiri (~> 1.3)

PLATFORMS
  ruby

DEPENDENCIES
  RedCloth (= 4.2.3)
  authlogic (= 2.1.6)
  color (= 1.4.1)
  cucumber-rails (>= 0.2.4)
  database_cleaner (= 0.4.3)
  gravtastic (= 2.2.0)
  hpricot (= 0.8.2)
  inherited_resources (= 1.0.6)
  mysql (= 2.8.1)
  radiant (= 0.9.1)
  rspec (= 1.3.0)
  rspec-rails (= 1.3.2)
  sanitize (= 1.2.0)
  webrat (= 0.6.0)
  will_paginate (= 2.3.11)
