GEM
  remote: https://rubygems.org/
  specs:
    RedCloth (4.2.3)
    actionmailer (2.3.5)
      actionpack (= 2.3.5)
    actionpack (2.3.5)
      activesupport (= 2.3.5)
      rack (~> 1.0.0)
    activerecord (2.3.5)
      activesupport (= 2.3.5)
    activeresource (2.3.5)
      activesupport (= 2.3.5)
    activesupport (2.3.5)
    color (1.4.1)
    gravtastic (2.2.0)
    has_scope (0.5.1)
    hpricot (0.8.2)
    inherited_resources (1.0.6)
      has_scope (~> 0.5.0)
      responders (~> 0.4.6)
    mysql (2.8.1)
    nokogiri (1.4.7)
    rack (1.0.1)
    rails (2.3.5)
      actionmailer (= 2.3.5)
      actionpack (= 2.3.5)
      activerecord (= 2.3.5)
      activeresource (= 2.3.5)
      activesupport (= 2.3.5)
      rake (>= 0.8.3)
    rake (0.9.2.2)
    responders (0.4.8)
    sanitize (1.2.0)
      nokogiri (~> 1.4.1)

PLATFORMS
  ruby

DEPENDENCIES
  RedCloth (= 4.2.3)
  color (= 1.4.1)
  gravtastic (= 2.2.0)
  hpricot (= 0.8.2)
  inherited_resources (= 1.0.6)
  mysql (= 2.8.1)
  rails (= 2.3.5)
  sanitize (= 1.2.0)
