GIT
  remote: git://github.com/enspiral/navigation_tags.git
  revision: 090c4cb3f5e2471cf135d0370592c6970574871d
  specs:
    radiant-navigation_tags-extension (0.2.6)

GIT
  remote: git@github.com:enspiral/radiant-settings.git
  revision: 205a0af20cd878259f2c7df42d40beadfde33c38
  specs:
    radiant-settings-extension (1.1.2)
      radiant (>= 0.9.1)

GEM
  remote: http://rubygems.org/
  specs:
    RedCloth (4.2.9)
    ZenTest (4.7.0)
    actionmailer (2.3.14)
      actionpack (= 2.3.14)
    actionpack (2.3.14)
      activesupport (= 2.3.14)
      rack (~> 1.1.0)
    activerecord (2.3.14)
      activesupport (= 2.3.14)
    activeresource (2.3.14)
      activesupport (= 2.3.14)
    activesupport (2.3.14)
    acts_as_list (0.1.4)
    acts_as_tree (0.1.1)
    autotest (4.4.6)
      ZenTest (>= 4.4.1)
    autotest-fsevent (0.2.8)
      sys-uname
    autotest-growl (0.2.16)
    bluecloth (2.1.0)
    builder (3.0.0)
    capistrano (2.11.2)
      highline
      net-scp (>= 1.0.0)
      net-sftp (>= 2.0.0)
      net-ssh (>= 2.0.14)
      net-ssh-gateway (>= 1.1.0)
    chunky_png (1.2.5)
    cocaine (0.2.1)
    coffee-script (2.2.0)
      coffee-script-source
      execjs
    coffee-script-source (1.3.1)
    compass (0.11.7)
      chunky_png (~> 1.2)
      fssm (>= 0.2.7)
      sass (~> 3.1)
    cucumber (1.1.9)
      builder (>= 2.1.2)
      diff-lcs (>= 1.1.2)
      gherkin (~> 2.9.0)
      json (>= 1.4.6)
      term-ansicolor (>= 1.0.6)
    cucumber-rails (0.3.2)
      cucumber (>= 0.8.0)
    database_cleaner (0.6.7)
    delocalize (0.2.6)
    diff-lcs (1.1.3)
    execjs (1.3.0)
      multi_json (~> 1.0)
    ffi (1.0.11)
    fssm (0.2.9)
    gherkin (2.9.3)
      json (>= 1.4.6)
    haml (3.1.4)
    highline (1.6.11)
    hpricot (0.8.6)
    json (1.6.6)
    mime-types (1.18)
    multi_json (1.3.1)
    mysql (2.8.1)
    net-scp (1.0.4)
      net-ssh (>= 1.99.1)
    net-sftp (2.0.5)
      net-ssh (>= 2.0.9)
    net-ssh (2.3.0)
    net-ssh-gateway (1.1.0)
      net-ssh (>= 1.99.1)
    nokogiri (1.5.2)
    paperclip (2.5.2)
      activerecord (>= 2.3.0)
      activesupport (>= 2.3.2)
      cocaine (>= 0.0.2)
      mime-types
    rack (1.1.3)
    rack-cache (1.0.3)
      rack (>= 0.4)
    rack-test (0.6.1)
      rack (>= 1.0)
    radiant (1.0.1)
      RedCloth (~> 4.2.0)
      acts_as_tree (~> 0.1.1)
      bundler (>= 1.0.0)
      compass (~> 0.11.1)
      delocalize (~> 0.2.3)
      haml (~> 3.1.1)
      highline (~> 1.6.10)
      rack (~> 1.1.1)
      rack-cache (~> 1.0.2)
      radiant-archive-extension (~> 1.0.7)
      radiant-clipped-extension (~> 1.0.16)
      radiant-debug-extension (~> 1.0.2)
      radiant-exporter-extension (~> 1.0.2)
      radiant-markdown_filter-extension (~> 1.0.2)
      radiant-sheets-extension (~> 1.0.9)
      radiant-site_templates-extension (~> 1.0.4)
      radiant-smarty_pants_filter-extension (~> 1.0.2)
      radiant-textile_filter-extension (~> 1.0.4)
      radius (~> 0.7.3)
      rails (~> 2.3.14)
      rake (>= 0.8.7)
      rdoc (>= 3.9.2)
      stringex (~> 1.3.0)
      tzinfo (~> 0.3.31)
      will_paginate (~> 2.3.11)
    radiant-archive-extension (1.0.7)
    radiant-ck_editor_filter-extension (0.2.5)
    radiant-clipped-extension (1.0.17)
      acts_as_list (= 0.1.4)
      paperclip (~> 2.5.0)
      uuidtools (~> 2.1.2)
    radiant-debug-extension (1.0.2)
    radiant-exporter-extension (1.0.3)
    radiant-mailer-extension (1.0.4)
    radiant-markdown_filter-extension (1.0.2)
      bluecloth (~> 2.1.0)
    radiant-sheets-extension (1.0.10)
      coffee-script (~> 2.2.0)
      sass (~> 3.1.12)
    radiant-site_templates-extension (1.0.5)
    radiant-smarty_pants_filter-extension (1.0.2)
      rubypants (~> 0.2.0)
    radiant-textile_filter-extension (1.0.4)
      RedCloth (~> 4.2.0)
    radius (0.7.3)
    rails (2.3.14)
      actionmailer (= 2.3.14)
      actionpack (= 2.3.14)
      activerecord (= 2.3.14)
      activeresource (= 2.3.14)
      activesupport (= 2.3.14)
      rake (>= 0.8.3)
    rake (0.9.2.2)
    rdoc (3.12)
      json (~> 1.4)
    rspec (1.3.2)
    rspec-rails (1.3.4)
      rack (>= 1.0.0)
      rspec (~> 1.3.1)
    rubypants (0.2.0)
    sass (3.1.15)
    sqlite3 (1.3.6)
    stringex (1.3.2)
    sys-uname (0.9.0)
      ffi (>= 1.0.0)
    term-ansicolor (1.0.7)
    tzinfo (0.3.33)
    uuidtools (2.1.2)
    webrat (0.7.3)
      nokogiri (>= 1.2.0)
      rack (>= 1.0)
      rack-test (>= 0.5.3)
    will_paginate (2.3.16)

PLATFORMS
  ruby

DEPENDENCIES
  autotest
  autotest-fsevent
  autotest-growl
  capistrano
  cucumber-rails (~> 0.3.2)
  database_cleaner (~> 0.6.5)
  hpricot
  mysql (~> 2.8.1)
  radiant (~> 1.0.1)
  radiant-ck_editor_filter-extension (~> 0.2.5)
  radiant-mailer-extension
  radiant-navigation_tags-extension (~> 0.2.6)!
  radiant-settings-extension (~> 1.1.1)!
  rspec-rails (~> 1.3.3)
  sqlite3 (~> 1.3.4)
  webrat (~> 0.7.3)
