GIT
  remote: git://github.com/enspiral/navigation_tags.git
  revision: 090c4cb3f5e2471cf135d0370592c6970574871d
  specs:
    radiant-navigation_tags-extension (0.2.6)

GIT
  remote: git://github.com/enspiral/radiant-reader-extension.git
  revision: 4ffd91d132104ca60c9b543ef46ba89355d1775e
  specs:
    radiant-reader-extension (3.0.38)
      ancestry (~> 1.2.4)
      authlogic (~> 2.1.6)
      color (>= 1.4.1)
      fastercsv (~> 1.5.4)
      radiant-layouts-extension (~> 1.1.3)
      radiant-mailer_layouts-extension (~> 0.1.1)
      sanitize (~> 2.0.1)
      snail (~> 0.5.5)
      vcard (~> 0.1.1)

GIT
  remote: git://github.com/enspiral/radiant-settings.git
  revision: 205a0af20cd878259f2c7df42d40beadfde33c38
  specs:
    radiant-settings-extension (1.1.2)
      radiant (>= 0.9.1)

GIT
  remote: git://github.com/enspiral/radiant-share-layouts-extension.git
  revision: e62392e917839095da521f6ca4197e600e494cf1
  specs:
    radiant-layouts-extension (1.1.3)
      radiant (>= 0.9.1)

GIT
  remote: git://github.com/jdutil/backup.git
  revision: 8c2a9588117fdae914c1cf25a4bfe697bf31981c
  branch: bump_fog
  specs:
    backup (3.0.24)
      open4 (~> 1.3.0)
      thor (~> 0.14.6)

GIT
  remote: https://github.com/robguthrie/cucumber-rails.git
  revision: ca9160bd85673d873d0c7e62c5a44a3bb883a170
  branch: v0.3.2fixed
  specs:
    cucumber-rails (0.3.2)
      cucumber (>= 0.8.0)

GEM
  remote: http://rubygems.org/
  specs:
    RedCloth (4.2.9)
    actionmailer (2.3.14)
      actionpack (= 2.3.14)
    actionpack (2.3.14)
      activesupport (= 2.3.14)
      rack (~> 1.1.0)
    activerecord (2.3.14)
      activesupport (= 2.3.14)
    activeresource (2.3.14)
      activesupport (= 2.3.14)
    activesupport (2.3.14)
    acts_as_list (0.1.4)
    acts_as_tree (0.1.1)
    addressable (2.3.2)
    ancestry (1.2.5)
      activerecord (>= 2.2.2)
    authlogic (2.1.9)
      activerecord (~> 2.3.0)
      activesupport (~> 2.3.0)
    bluecloth (2.1.0)
    builder (3.0.0)
    capistrano (2.11.2)
      highline
      net-scp (>= 1.0.0)
      net-sftp (>= 2.0.0)
      net-ssh (>= 2.0.14)
      net-ssh-gateway (>= 1.1.0)
    capybara (1.1.1)
      mime-types (>= 1.16)
      nokogiri (>= 1.3.3)
      rack (>= 1.0.0)
      rack-test (>= 0.5.4)
      selenium-webdriver (~> 2.0)
      xpath (~> 0.1.4)
    childprocess (0.3.5)
      ffi (~> 1.0, >= 1.0.6)
    chronic (0.6.7)
    chunky_png (1.2.5)
    cocaine (0.2.1)
    coffee-script (2.2.0)
      coffee-script-source
      execjs
    coffee-script-source (1.3.3)
    color (1.4.1)
    compass (0.11.7)
      chunky_png (~> 1.2)
      fssm (>= 0.2.7)
      sass (~> 3.1)
    cucumber (1.1.0)
      builder (>= 2.1.2)
      diff-lcs (>= 1.1.2)
      gherkin (~> 2.5.0)
      json (>= 1.4.6)
      term-ansicolor (>= 1.0.6)
    database_cleaner (0.6.7)
    delocalize (0.2.6)
    diff-lcs (1.1.3)
    excon (0.14.3)
    execjs (1.4.0)
      multi_json (~> 1.0)
    fastercsv (1.5.5)
    ffi (1.1.4)
    fog (1.4.0)
      builder
      excon (~> 0.14.0)
      formatador (~> 0.2.0)
      mime-types
      multi_json (~> 1.0)
      net-scp (~> 1.0.4)
      net-ssh (>= 2.1.3)
      nokogiri (~> 1.5.0)
      ruby-hmac
    formatador (0.2.3)
    fssm (0.2.9)
    gherkin (2.5.4)
      json (>= 1.4.6)
    haml (3.1.6)
    highline (1.6.13)
    hpricot (0.8.6)
    json (1.7.3)
    launchy (2.1.2)
      addressable (~> 2.3)
    libwebsocket (0.1.5)
      addressable
    mime-types (1.19)
    multi_json (1.3.6)
    mysql (2.8.1)
    net-scp (1.0.4)
      net-ssh (>= 1.99.1)
    net-sftp (2.0.5)
      net-ssh (>= 2.0.9)
    net-ssh (2.5.2)
    net-ssh-gateway (1.1.0)
      net-ssh (>= 1.99.1)
    nokogiri (1.5.5)
    open4 (1.3.0)
    paperclip (2.5.2)
      activerecord (>= 2.3.0)
      activesupport (>= 2.3.2)
      cocaine (>= 0.0.2)
      mime-types
    parallel (0.5.17)
    rack (1.1.3)
    rack-cache (1.0.3)
      rack (>= 0.4)
    rack-test (0.6.1)
      rack (>= 1.0)
    radiant (1.0.1)
      RedCloth (~> 4.2.0)
      acts_as_tree (~> 0.1.1)
      bundler (>= 1.0.0)
      compass (~> 0.11.1)
      delocalize (~> 0.2.3)
      haml (~> 3.1.1)
      highline (~> 1.6.10)
      rack (~> 1.1.1)
      rack-cache (~> 1.0.2)
      radiant-archive-extension (~> 1.0.7)
      radiant-clipped-extension (~> 1.0.16)
      radiant-debug-extension (~> 1.0.2)
      radiant-exporter-extension (~> 1.0.2)
      radiant-markdown_filter-extension (~> 1.0.2)
      radiant-sheets-extension (~> 1.0.9)
      radiant-site_templates-extension (~> 1.0.4)
      radiant-smarty_pants_filter-extension (~> 1.0.2)
      radiant-textile_filter-extension (~> 1.0.4)
      radius (~> 0.7.3)
      rails (~> 2.3.14)
      rake (>= 0.8.7)
      rdoc (>= 3.9.2)
      stringex (~> 1.3.0)
      tzinfo (~> 0.3.31)
      will_paginate (~> 2.3.11)
    radiant-archive-extension (1.0.7)
    radiant-ck_editor_filter-extension (0.2.5)
    radiant-clipped-extension (1.0.17)
      acts_as_list (= 0.1.4)
      paperclip (~> 2.5.0)
      uuidtools (~> 2.1.2)
    radiant-debug-extension (1.0.2)
    radiant-exporter-extension (1.0.3)
    radiant-mailer-extension (1.0.4)
    radiant-mailer_layouts-extension (0.1.1)
    radiant-markdown_filter-extension (1.0.2)
      bluecloth (~> 2.1.0)
    radiant-scheduler-extension (1.0.0)
    radiant-sheets-extension (1.0.11)
      coffee-script (~> 2.2.0)
      sass (~> 3.1.12)
    radiant-site_templates-extension (1.0.5)
    radiant-smarty_pants_filter-extension (1.0.2)
      rubypants (~> 0.2.0)
    radiant-textile_filter-extension (1.0.4)
      RedCloth (~> 4.2.0)
    radius (0.7.3)
    rails (2.3.14)
      actionmailer (= 2.3.14)
      actionpack (= 2.3.14)
      activerecord (= 2.3.14)
      activeresource (= 2.3.14)
      activesupport (= 2.3.14)
      rake (>= 0.8.3)
    rake (0.9.2.2)
    rdoc (3.12)
      json (~> 1.4)
    rr (1.0.4)
    rspec (1.3.2)
    rspec-rails (1.3.4)
      rack (>= 1.0.0)
      rspec (~> 1.3.1)
    ruby-hmac (0.4.0)
    rubypants (0.2.0)
    rubyzip (0.9.9)
    sanitize (2.0.3)
      nokogiri (>= 1.4.4, < 1.6)
    sass (3.1.20)
    selenium-webdriver (2.25.0)
      childprocess (>= 0.2.5)
      libwebsocket (~> 0.1.3)
      multi_json (~> 1.0)
      rubyzip
    snail (0.5.7)
    stringex (1.3.3)
    term-ansicolor (1.0.7)
    thor (0.14.6)
    tzinfo (0.3.33)
    uuidtools (2.1.3)
    vcard (0.1.1)
    whenever (0.7.3)
      activesupport (>= 2.3.4)
      chronic (~> 0.6.3)
    will_paginate (2.3.16)
    xpath (0.1.4)
      nokogiri (~> 1.3)

PLATFORMS
  ruby

DEPENDENCIES
  backup!
  capistrano
  capybara (= 1.1.1)
  cucumber (= 1.1.0)
  cucumber-rails!
  database_cleaner (>= 0.5.0)
  fastercsv
  fog
  hpricot
  launchy
  mysql (~> 2.8.1)
  parallel (~> 0.5.12)
  radiant (~> 1.0.1)
  radiant-ck_editor_filter-extension (~> 0.2.5)
  radiant-layouts-extension!
  radiant-mailer-extension
  radiant-navigation_tags-extension (~> 0.2.6)!
  radiant-reader-extension!
  radiant-scheduler-extension (~> 1.0.0)
  radiant-settings-extension (~> 1.1.1)!
  rr
  rspec (= 1.3.2)
  rspec-rails (= 1.3.4)
  whenever
